PATH
  remote: .
  specs:
    Run (0.1.0)
      colones (~> 0)
      docopt (~> 0.5)

GEM
  remote: https://rubygems.org/
  specs:
    colones (0.1.2)
    docopt (0.5.0)

PLATFORMS
  ruby

DEPENDENCIES
  Run!
