PATH
  remote: .
  specs:
    runfile (0.1.1.pre)
      colsole (> 0)
      docopt (~> 0.5)

GEM
  remote: https://rubygems.org/
  specs:
    colsole (0.1.3.pre)
    docopt (0.5.0)

PLATFORMS
  ruby

DEPENDENCIES
  runfile!
